GEM
  remote: https://rubygems.org/
  specs:
    awesome_print (1.8.0)
    bond (0.5.1)
    bson (4.3.0)
    byebug (10.0.2)
    caddy (1.6.0)
      concurrent-ruby (~> 1.0)
    childprocess (0.9.0)
      ffi (~> 1.0, >= 1.0.11)
    clipboard (1.3.2)
    coderay (1.1.2)
    colorize (0.8.1)
    concurrent-ruby (1.1.4)
    concurrent-ruby-ext (1.1.4)
      concurrent-ruby (= 1.1.4)
    diff-lcs (1.3)
    docile (1.3.1)
    ffi (1.10.0)
    hirb (0.7.3)
    json (2.1.0)
    looksee (4.0.0)
    method_source (0.9.2)
    mongo (2.6.2)
      bson (>= 4.3.0, < 5.0.0)
    oj (3.7.6)
    parallel (1.12.1)
    pry (0.12.2)
      coderay (~> 1.1.0)
      method_source (~> 0.9.0)
    pry-bond (0.0.1)
      bond (~> 0.5)
      rb-readline (~> 0.5)
    pry-byebug (3.6.0)
      byebug (~> 10.0)
      pry (~> 0.10)
    pry-clipboard (0.1.1)
      clipboard
      pry
    pry-inline (1.0.5)
      pry (> 0.10.0, <= 0.12.2)
      unicode (~> 0.4.4)
    puma (3.12.0)
    rack (2.0.6)
    rack-test (1.1.0)
      rack (>= 1.0, < 3)
    rake (12.3.2)
    rb-readline (0.5.5)
    roda (3.15.0)
      rack
    rspec (3.8.0)
      rspec-core (~> 3.8.0)
      rspec-expectations (~> 3.8.0)
      rspec-mocks (~> 3.8.0)
    rspec-core (3.8.0)
      rspec-support (~> 3.8.0)
    rspec-expectations (3.8.2)
      diff-lcs (>= 1.2.0, < 2.0)
      rspec-support (~> 3.8.0)
    rspec-mocks (3.8.0)
      diff-lcs (>= 1.2.0, < 2.0)
      rspec-support (~> 3.8.0)
    rspec-support (3.8.0)
    ruby-time_range (0.1.0)
    settingslogic (2.0.9)
    simplecov (0.16.1)
      docile (~> 1.1)
      json (>= 1.8, < 3)
      simplecov-html (~> 0.10.0)
    simplecov-html (0.10.2)
    tzinfo (2.0.0)
      concurrent-ruby (~> 1.0)
    tzinfo-data (1.2018.9)
      tzinfo (>= 1.0.0)
    unicode (0.4.4.4)

PLATFORMS
  ruby

DEPENDENCIES
  awesome_print (~> 1.8.0)
  caddy (~> 1.6.0)
  childprocess (~> 0.9.0)
  colorize (~> 0.8.1)
  concurrent-ruby-ext (~> 1.1.4)
  ffi (~> 1.10.0)
  hirb (~> 0.7.3)
  looksee (~> 4.0.0)
  mongo (~> 2.6.2)
  oj (~> 3.7.6)
  parallel
  pry (~> 0.12.2)
  pry-bond (~> 0.0.1)
  pry-byebug (~> 3.6.0)
  pry-clipboard (~> 0.1.1)
  pry-inline (~> 1.0.4)
  puma (~> 3.12.0)
  rack-test
  rake (~> 12.3.1)
  roda (~> 3.15.0)
  rspec (~> 3.8.0)
  ruby-time_range
  settingslogic (~> 2.0.9)
  simplecov
  tzinfo (~> 2.0)
  tzinfo-data (~> 1.2018.7)

RUBY VERSION
   ruby 2.5.1p57

BUNDLED WITH
   2.0.1
