GEM
  remote: http://rubygems.org/
  specs:
    awesome_print (1.8.0)
    backports (3.11.3)
    better_errors (2.4.0)
      coderay (>= 1.0.0)
      erubi (>= 1.0.0)
      rack (>= 0.9.0)
    binding_of_caller (0.8.0)
      debug_inspector (>= 0.0.1)
    bond (0.5.1)
    bson (4.3.0)
    byebug (10.0.2)
    clipboard (1.1.1)
    coderay (1.1.2)
    colorize (0.8.1)
    debug_inspector (0.0.3)
    erubi (1.7.1)
    ffi (1.9.23)
    hirb (0.7.3)
    interception (0.5)
    looksee (4.0.0)
    method_source (0.9.0)
    mongo (2.5.3)
      bson (>= 4.3.0, < 5.0.0)
    multi_json (1.13.1)
    mustermann (1.0.2)
    oj (3.6.0)
    parallel (1.12.1)
    pry (0.11.3)
      coderay (~> 1.1.0)
      method_source (~> 0.9.0)
    pry-bond (0.0.1)
      bond (~> 0.5)
      rb-readline (~> 0.5)
    pry-byebug (3.6.0)
      byebug (~> 10.0)
      pry (~> 0.10)
    pry-clipboard (0.1.1)
      clipboard
      pry
    pry-inline (1.0.4)
      pry (> 0.10.0, < 0.12.0)
      unicode (~> 0.4.4)
    pry-rescue (1.4.5)
      interception (>= 0.5)
      pry
    pry-stack_explorer (0.4.9.2)
      binding_of_caller (>= 0.7)
      pry (>= 0.9.11)
    puma (3.11.4)
    rack (2.0.5)
    rack-cache (1.7.1)
      rack (>= 0.4)
    rack-gzip-file (0.0.1)
      rack (>= 1.5.0)
    rack-protection (2.0.1)
      rack
    rake (12.3.1)
    rb-readline (0.5.5)
    require_all (2.0.0)
    sinatra (2.0.1)
      mustermann (~> 1.0)
      rack (~> 2.0)
      rack-protection (= 2.0.1)
      tilt (~> 2.0)
    sinatra-contrib (2.0.1)
      backports (>= 2.0)
      multi_json
      mustermann (~> 1.0)
      rack-protection (= 2.0.1)
      sinatra (= 2.0.1)
      tilt (>= 1.3, < 3)
    tilt (2.0.8)
    unicode (0.4.4.4)

PLATFORMS
  ruby

DEPENDENCIES
  awesome_print
  better_errors
  colorize
  ffi
  hirb
  looksee
  mongo
  oj
  parallel
  pry
  pry-bond
  pry-byebug
  pry-clipboard
  pry-inline
  pry-rescue
  pry-stack_explorer
  puma
  rack-cache
  rack-gzip-file
  rake
  require_all
  sinatra
  sinatra-contrib

BUNDLED WITH
   1.16.1
