GIT
  remote: https://github.com/httprb/http
  revision: 7c2a8613b75e79ba276c13d48d158030ac319d8d
  specs:
    http (4.0.0.dev)
      addressable (~> 2.3)
      http-cookie (~> 1.0)
      http-form_data (~> 2.0)
      http_parser.rb (~> 0.6.0)

GEM
  remote: https://rubygems.org/
  specs:
    addressable (2.5.2)
      public_suffix (>= 2.0.2, < 4.0)
    awesome_print (1.8.0)
    bond (0.5.1)
    bson (4.3.0)
    byebug (10.0.2)
    clipboard (1.1.2)
    coderay (1.1.2)
    colorize (0.8.1)
    diff-lcs (1.3)
    docile (1.3.1)
    domain_name (0.5.20180417)
      unf (>= 0.0.5, < 1.0.0)
    ffi (1.9.25)
    hirb (0.7.3)
    http-cookie (1.0.3)
      domain_name (~> 0.5)
    http-form_data (2.1.1)
    http_parser.rb (0.6.0)
    json (2.1.0)
    looksee (4.0.0)
    method_source (0.9.0)
    mongo (2.6.2)
      bson (>= 4.3.0, < 5.0.0)
    oj (3.6.10)
    parallel (1.12.1)
    pry (0.11.3)
      coderay (~> 1.1.0)
      method_source (~> 0.9.0)
    pry-bond (0.0.1)
      bond (~> 0.5)
      rb-readline (~> 0.5)
    pry-byebug (3.6.0)
      byebug (~> 10.0)
      pry (~> 0.10)
    pry-clipboard (0.1.1)
      clipboard
      pry
    pry-inline (1.0.4)
      pry (> 0.10.0, < 0.12.0)
      unicode (~> 0.4.4)
    public_suffix (3.0.3)
    puma (3.12.0)
    rack (2.0.5)
    rack-cache (1.8.0)
      rack (>= 0.4)
    rack-test (1.1.0)
      rack (>= 1.0, < 3)
    rack-unreloader (1.6.0)
    rake (12.3.1)
    rb-readline (0.5.5)
    roda (3.12.0)
      rack
    rspec (3.8.0)
      rspec-core (~> 3.8.0)
      rspec-expectations (~> 3.8.0)
      rspec-mocks (~> 3.8.0)
    rspec-core (3.8.0)
      rspec-support (~> 3.8.0)
    rspec-expectations (3.8.1)
      diff-lcs (>= 1.2.0, < 2.0)
      rspec-support (~> 3.8.0)
    rspec-mocks (3.8.0)
      diff-lcs (>= 1.2.0, < 2.0)
      rspec-support (~> 3.8.0)
    rspec-support (3.8.0)
    settingslogic (2.0.9)
    simplecov (0.16.1)
      docile (~> 1.1)
      json (>= 1.8, < 3)
      simplecov-html (~> 0.10.0)
    simplecov-html (0.10.2)
    unf (0.1.4)
      unf_ext
    unf_ext (0.0.7.5)
    unicode (0.4.4.4)

PLATFORMS
  ruby

DEPENDENCIES
  awesome_print (~> 1.8.0)
  colorize (~> 0.8.1)
  ffi (~> 1.9.25)
  hirb (~> 0.7.3)
  http!
  looksee (~> 4.0.0)
  mongo (~> 2.6.2)
  oj (~> 3.6.10)
  parallel (~> 1.12.1)
  pry (~> 0.11.3)
  pry-bond (~> 0.0.1)
  pry-byebug (~> 3.6.0)
  pry-clipboard (~> 0.1.1)
  pry-inline (~> 1.0.4)
  puma (~> 3.12.0)
  rack-cache (~> 1.8.0)
  rack-test
  rack-unreloader (~> 1.6.0)
  rake (~> 12.3.1)
  roda (~> 3.12.0)
  rspec (~> 3.8.0)
  settingslogic (~> 2.0.9)
  simplecov

RUBY VERSION
   ruby 2.5.1p57

BUNDLED WITH
   1.16.3
