GEM
  remote: https://rubygems.org/
  specs:
    activesupport (5.2.0)
      concurrent-ruby (~> 1.0, >= 1.0.2)
      i18n (>= 0.7, < 2)
      minitest (~> 5.1)
      tzinfo (~> 1.1)
    awesome_print (1.8.0)
    bond (0.5.1)
    brotli (0.2.0)
    bson (4.3.0)
    byebug (10.0.2)
    clipboard (1.1.2)
    coderay (1.1.2)
    colorize (0.8.1)
    concurrent-ruby (1.0.5)
    database_cleaner (1.7.0)
    diff-lcs (1.3)
    docile (1.3.1)
    ffi (1.9.25)
    hirb (0.7.3)
    i18n (1.0.1)
      concurrent-ruby (~> 1.0)
    json (2.1.0)
    looksee (4.0.0)
    method_source (0.9.0)
    minitest (5.11.3)
    mongo (2.6.1)
      bson (>= 4.3.0, < 5.0.0)
    oj (3.6.4)
    parallel (1.12.1)
    pry (0.11.3)
      coderay (~> 1.1.0)
      method_source (~> 0.9.0)
    pry-bond (0.0.1)
      bond (~> 0.5)
      rb-readline (~> 0.5)
    pry-byebug (3.6.0)
      byebug (~> 10.0)
      pry (~> 0.10)
    pry-clipboard (0.1.1)
      clipboard
      pry
    pry-inline (1.0.4)
      pry (> 0.10.0, < 0.12.0)
      unicode (~> 0.4.4)
    puma (3.12.0)
    rack (2.0.5)
    rack-brotli (0.1.0)
      rack (>= 1.4)
    rack-cache (1.8.0)
      rack (>= 0.4)
    rack-test (1.1.0)
      rack (>= 1.0, < 3)
    rack-unreloader (1.6.0)
    rake (12.3.1)
    rb-readline (0.5.5)
    roda (3.10.0)
      rack
    rspec (3.7.0)
      rspec-core (~> 3.7.0)
      rspec-expectations (~> 3.7.0)
      rspec-mocks (~> 3.7.0)
    rspec-core (3.7.1)
      rspec-support (~> 3.7.0)
    rspec-expectations (3.7.0)
      diff-lcs (>= 1.2.0, < 2.0)
      rspec-support (~> 3.7.0)
    rspec-mocks (3.7.0)
      diff-lcs (>= 1.2.0, < 2.0)
      rspec-support (~> 3.7.0)
    rspec-support (3.7.1)
    ruby-time_range (0.1.0)
    settingslogic (2.0.9)
    simplecov (0.16.1)
      docile (~> 1.1)
      json (>= 1.8, < 3)
      simplecov-html (~> 0.10.0)
    simplecov-html (0.10.2)
    thread_safe (0.3.6)
    tzinfo (1.2.5)
      thread_safe (~> 0.1)
    unicode (0.4.4.4)

PLATFORMS
  ruby

DEPENDENCIES
  activesupport (~> 5.2.0)
  awesome_print (~> 1.8.0)
  brotli
  colorize (~> 0.8.1)
  database_cleaner
  ffi (~> 1.9.25)
  hirb (~> 0.7.3)
  looksee (~> 4.0.0)
  mongo (~> 2.6.1)
  oj (~> 3.6.4)
  parallel (~> 1.12.1)
  pry (~> 0.11.3)
  pry-bond (~> 0.0.1)
  pry-byebug (~> 3.6.0)
  pry-clipboard (~> 0.1.1)
  pry-inline (~> 1.0.4)
  puma (~> 3.12.0)
  rack-brotli
  rack-cache (~> 1.8.0)
  rack-test
  rack-unreloader (~> 1.6.0)
  rake (~> 12.3.1)
  roda (~> 3.10.0)
  rspec (~> 3.7.0)
  ruby-time_range (~> 0.1.0)
  settingslogic (~> 2.0.9)
  simplecov

RUBY VERSION
   ruby 2.5.1p57

BUNDLED WITH
   1.16.3
